GEM
  remote: https://rubygems.org/
  specs:
    addressable (2.3.4)
    launchy (2.3.0)
      addressable (~> 2.3)
    mime (0.1)
    mime-types (1.23)
    mini_exiftool (1.6.0)

PLATFORMS
  java
  ruby

DEPENDENCIES
  launchy
  mime
  mime-types
  mini_exiftool
