GEM
  remote: https://rubygems.org/
  specs:
    addressable (2.3.4)
    launchy (2.3.0)
      addressable (~> 2.3)

PLATFORMS
  java
  ruby

DEPENDENCIES
  launchy
